NUGET
  remote: https://www.nuget.org/api/v2
  specs:
    BouncyCastle (1.7.0)
